GEM
  remote: https://rubygems.org/
  specs:
    colorize (0.8.1)

PLATFORMS
  x86_64-linux

DEPENDENCIES
  colorize

BUNDLED WITH
   2.2.6
