GEM
  remote: https://rubygems.org/
  specs:
    colorize (0.7.7)

PLATFORMS
  x86_64-linux

DEPENDENCIES
  colorize (~> 0.7.5)

BUNDLED WITH
   2.2.6
